STORAGE: NONE
RESTRICTION: == net50
NUGET
  remote: https://api.nuget.org/v3/index.json
    altcover (8.1.817)
    altcover.api (8.1.817)
    Expecto (9.0.2)
      FSharp.Core (>= 4.6)
      Mono.Cecil (>= 0.11.2)
    Expecto.FsCheck (9.0.2)
      Expecto (>= 9.0.2)
      FsCheck (>= 2.14.2)
    Expecto.VisualStudio.TestAdapter (10.0.2)
    fake-cli (5.20.4)
    FsCheck (2.15.1)
      FSharp.Core (>= 4.2.3)
    FSharp.Core (5.0.1)
    Mono.Cecil (0.11.3)
    System.Collections.Immutable (5.0)
    Unquote (5.0)
      FSharp.Core (>= 4.6.2)
    YoloDev.Expecto.TestSdk (0.11.1)
      Expecto (>= 9.0 < 10.0)
      FSharp.Core (>= 4.6)
      System.Collections.Immutable (>= 1.5 < 5.1)
